GEM
  remote: http://rubygems.org/
  specs:
    activesupport (3.0.9)
    capistrano (2.6.0)
      highline
      net-scp (>= 1.0.0)
      net-sftp (>= 2.0.0)
      net-ssh (>= 2.0.14)
      net-ssh-gateway (>= 1.1.0)
    daemons (1.1.4)
    eventmachine (0.12.10)
    haml (3.1.2)
    highline (1.6.2)
    json_pure (1.5.3)
    jsus (0.3.3)
      activesupport
      json_pure
      rgl
    net-scp (1.0.4)
      net-ssh (>= 1.99.1)
    net-sftp (2.0.5)
      net-ssh (>= 2.0.9)
    net-ssh (2.1.4)
    net-ssh-gateway (1.1.0)
      net-ssh (>= 1.99.1)
    rack (1.3.0)
    rake (0.9.2)
    rgl (0.4.0)
      rake
      stream (>= 0.5)
    sass (3.1.3)
    shotgun (0.9)
      rack (>= 1.0)
    sinatra (1.2.6)
      rack (~> 1.1)
      tilt (< 2.0, >= 1.2.2)
    stream (0.5)
    thin (1.2.11)
      daemons (>= 1.0.9)
      eventmachine (>= 0.12.6)
      rack (>= 1.0.0)
    tilt (1.3)

PLATFORMS
  ruby

DEPENDENCIES
  capistrano
  haml
  jsus
  sass
  shotgun
  sinatra
  thin
