GEM
  remote: http://rubygems.org/
  specs:
    activesupport (3.0.9)
    daemons (1.1.4)
    eventmachine (0.12.10)
    haml (3.1.2)
    json_pure (1.5.3)
    jsus (0.3.3)
      activesupport
      json_pure
      rgl
    rack (1.3.0)
    rake (0.9.2)
    rgl (0.4.0)
      rake
      stream (>= 0.5)
    sass (3.1.3)
    shotgun (0.9)
      rack (>= 1.0)
    sinatra (1.2.6)
      rack (~> 1.1)
      tilt (< 2.0, >= 1.2.2)
    stream (0.5)
    thin (1.2.11)
      daemons (>= 1.0.9)
      eventmachine (>= 0.12.6)
      rack (>= 1.0.0)
    tilt (1.3)

PLATFORMS
  ruby

DEPENDENCIES
  haml
  jsus
  sass
  shotgun
  sinatra
  thin
